PATH
  remote: .
  specs:
    snipgem (0.0.7)

GEM
  remote: https://rubygems.org/
  specs:
    clipboard (1.0.5)
    diff-lcs (1.2.5)
    rake (10.4.2)
    rspec (3.1.0)
      rspec-core (~> 3.1.0)
      rspec-expectations (~> 3.1.0)
      rspec-mocks (~> 3.1.0)
    rspec-core (3.1.7)
      rspec-support (~> 3.1.0)
    rspec-expectations (3.1.2)
      diff-lcs (>= 1.2.0, < 2.0)
      rspec-support (~> 3.1.0)
    rspec-mocks (3.1.3)
      rspec-support (~> 3.1.0)
    rspec-support (3.1.2)

PLATFORMS
  ruby

DEPENDENCIES
  bundler (~> 1.7)
  clipboard (~> 1.0)
  rake (~> 10.0)
  rspec (~> 3.0)
  snipgem!
